GEM
  remote: https://rubygems.org/
  specs:
    activemodel (5.1.5)
      activesupport (= 5.1.5)
    activerecord (5.1.5)
      activemodel (= 5.1.5)
      activesupport (= 5.1.5)
      arel (~> 8.0)
    activerecord-import (0.22.0)
      activerecord (>= 3.2)
    activesupport (5.1.5)
      concurrent-ruby (~> 1.0, >= 1.0.2)
      i18n (~> 0.7)
      minitest (~> 5.1)
      tzinfo (~> 1.1)
    arel (8.0.0)
    backports (3.11.1)
    bcrypt (3.1.11)
    byebug (10.0.0)
    concurrent-ruby (1.0.5)
    dotenv (2.2.1)
    faker (1.8.7)
      i18n (>= 0.7)
    i18n (0.9.5)
      concurrent-ruby (~> 1.0)
    minitest (5.11.3)
    multi_json (1.13.1)
    mustermann (1.0.2)
    newrelic_rpm (5.0.0.342)
    pg (1.0.0)
    puma (3.11.3)
    rack (2.0.4)
    rack-protection (2.0.1)
      rack
    rake (12.3.0)
    redis (4.0.1)
    sinatra (2.0.1)
      mustermann (~> 1.0)
      rack (~> 2.0)
      rack-protection (= 2.0.1)
      tilt (~> 2.0)
    sinatra-activerecord (2.0.13)
      activerecord (>= 3.2)
      sinatra (>= 1.0)
    sinatra-contrib (2.0.1)
      backports (>= 2.0)
      multi_json
      mustermann (~> 1.0)
      rack-protection (= 2.0.1)
      sinatra (= 2.0.1)
      tilt (>= 1.3, < 3)
    sinatra-flash (0.3.0)
      sinatra (>= 1.0.0)
    thread_safe (0.3.6)
    tilt (2.0.8)
    tzinfo (1.2.5)
      thread_safe (~> 0.1)

PLATFORMS
  ruby

DEPENDENCIES
  activerecord
  activerecord-import
  bcrypt
  byebug
  dotenv
  faker
  minitest
  newrelic_rpm
  pg
  puma
  rake
  redis
  sinatra
  sinatra-activerecord
  sinatra-contrib
  sinatra-flash

BUNDLED WITH
   1.16.1
